GEM
  remote: http://rubygems.org/
  specs:
    addressable (2.2.1)
    builder (2.1.2)
    data_objects (0.10.2)
      addressable (~> 2.1)
    dm-core (1.0.2)
      addressable (~> 2.2)
      extlib (~> 0.9.15)
    dm-do-adapter (1.0.2)
      data_objects (~> 0.10.2)
      dm-core (~> 1.0.2)
    dm-migrations (1.0.2)
      dm-core (~> 1.0.2)
    dm-postgres-adapter (1.0.2)
      dm-do-adapter (~> 1.0.2)
      do_postgres (~> 0.10.2)
    dm-sqlite-adapter (1.0.2)
      dm-do-adapter (~> 1.0.2)
      do_sqlite3 (~> 0.10.2)
    dm-timestamps (1.0.2)
      dm-core (~> 1.0.2)
    dm-validations (1.0.2)
      dm-core (~> 1.0.2)
    do_postgres (0.10.2)
      data_objects (= 0.10.2)
    do_sqlite3 (0.10.2)
      data_objects (= 0.10.2)
    extlib (0.9.15)
    faker (0.3.1)
    haml (3.0.18)
    json (1.4.6)
    machinist (1.0.6)
    rack (1.2.1)
    rack-test (0.5.6)
      rack (>= 1.0)
    shoulda (2.11.3)
    sinatra (1.0)
      rack (>= 1.0)
    sinatra-respond_to (0.5.0)
      sinatra (~> 1.0)

PLATFORMS
  ruby

DEPENDENCIES
  builder
  dm-core
  dm-migrations
  dm-postgres-adapter
  dm-sqlite-adapter
  dm-timestamps
  dm-validations
  faker
  haml
  json
  machinist
  rack
  rack-test
  shoulda
  sinatra
  sinatra-respond_to
